GIT
  remote: git@github.com:LeFnord/grape-starter.git
  revision: d2181dcc12a1c9bc1c15cca0a7977519644b8798
  specs:
    grape-starter (0.8.4)
      activesupport (~> 5.1)
      awesome_print (~> 1.7)
      gli (~> 2.16)
      rubocop (~> 0.49)

GIT
  remote: git@github.com:ruby-grape/grape-entity.git
  revision: eb0ef4910b4c4435a109d23395cf333641f58a3d
  specs:
    grape-entity (0.6.1)
      activesupport (>= 4.0.0)
      multi_json (>= 1.3.2)

GIT
  remote: git@github.com:ruby-grape/grape-swagger-entity.git
  revision: 7f6145955e7f295ca08ef77c097db132ae1276b3
  specs:
    grape-swagger-entity (0.2.1)
      grape-entity (>= 0.5.0)
      grape-swagger (>= 0.20.4)

GIT
  remote: git@github.com:ruby-grape/grape-swagger.git
  revision: 9ba0f3356a6526ed69cdd3aeb4826354b9f5caef
  specs:
    grape-swagger (0.27.3)
      grape (>= 0.16.2)

GIT
  remote: git@github.com:ruby-grape/grape.git
  revision: 5b8137dfe85e4ba401cd3e80d49b38b8c05134ff
  specs:
    grape (1.0.2)
      activesupport
      builder
      mustermann-grape (~> 1.0.0)
      rack (>= 1.3.0)
      rack-accept
      virtus (>= 1.0.0)

GEM
  remote: http://rubygems.org/
  specs:
    activesupport (5.1.4)
      concurrent-ruby (~> 1.0, >= 1.0.2)
      i18n (~> 0.7)
      minitest (~> 5.1)
      tzinfo (~> 1.1)
    ark-ruby (0.1.0)
      faraday (~> 0.12.2)
      faraday_middleware (~> 0.12.2)
    ast (2.3.0)
    awesome_print (1.8.0)
    axiom-types (0.1.1)
      descendants_tracker (~> 0.0.4)
      ice_nine (~> 0.11.0)
      thread_safe (~> 0.3, >= 0.3.1)
    builder (3.2.3)
    coderay (1.1.2)
    coercible (1.0.0)
      descendants_tracker (~> 0.0.1)
    concurrent-ruby (1.0.5)
    daemons (1.2.5)
    descendants_tracker (0.0.4)
      thread_safe (~> 0.3, >= 0.3.1)
    diff-lcs (1.3)
    equalizer (0.0.11)
    eventmachine (1.2.5)
    faraday (0.12.2)
      multipart-post (>= 1.2, < 3)
    faraday_middleware (0.12.2)
      faraday (>= 0.7.4, < 1.0)
    gli (2.17.0)
    i18n (0.9.0)
      concurrent-ruby (~> 1.0)
    ice_nine (0.11.2)
    method_source (0.9.0)
    minitest (5.10.3)
    multi_json (1.12.2)
    multipart-post (2.0.0)
    mustermann (1.0.1)
    mustermann-grape (1.0.0)
      mustermann (~> 1.0.0)
    parallel (1.12.0)
    parser (2.4.0.0)
      ast (~> 2.2)
    powerpack (0.1.1)
    pry (0.11.2)
      coderay (~> 1.1.0)
      method_source (~> 0.9.0)
    rack (2.0.3)
    rack-accept (0.4.5)
      rack (>= 0.4)
    rack-cors (1.0.2)
    rack-test (0.7.0)
      rack (>= 1.0, < 3)
    rainbow (2.2.2)
      rake
    rake (12.2.1)
    rspec (3.7.0)
      rspec-core (~> 3.7.0)
      rspec-expectations (~> 3.7.0)
      rspec-mocks (~> 3.7.0)
    rspec-core (3.7.0)
      rspec-support (~> 3.7.0)
    rspec-expectations (3.7.0)
      diff-lcs (>= 1.2.0, < 2.0)
      rspec-support (~> 3.7.0)
    rspec-mocks (3.7.0)
      diff-lcs (>= 1.2.0, < 2.0)
      rspec-support (~> 3.7.0)
    rspec-support (3.7.0)
    rubocop (0.51.0)
      parallel (~> 1.10)
      parser (>= 2.3.3.1, < 3.0)
      powerpack (~> 0.1)
      rainbow (>= 2.2.2, < 3.0)
      ruby-progressbar (~> 1.7)
      unicode-display_width (~> 1.0, >= 1.0.1)
    ruby-progressbar (1.9.0)
    thin (1.7.2)
      daemons (~> 1.0, >= 1.0.9)
      eventmachine (~> 1.0, >= 1.0.4)
      rack (>= 1, < 3)
    thread_safe (0.3.6)
    tzinfo (1.2.4)
      thread_safe (~> 0.1)
    unicode-display_width (1.3.0)
    virtus (1.0.5)
      axiom-types (~> 0.1)
      coercible (~> 1.0)
      descendants_tracker (~> 0.0, >= 0.0.3)
      equalizer (~> 0.0, >= 0.0.9)

PLATFORMS
  ruby

DEPENDENCIES
  ark-ruby
  grape!
  grape-entity!
  grape-starter!
  grape-swagger!
  grape-swagger-entity!
  pry
  rack
  rack-cors
  rack-test
  rake
  rspec
  rubocop
  thin

BUNDLED WITH
   1.16.0
